GIT
  remote: https://github.com/muffinista/chatterbot.git
  revision: 3037508d424cc8d90569be3ad6f545254089cdf3
  specs:
    chatterbot (2.0.6)
      colorize (>= 0.7.3)
      launchy (>= 2.4.2)
      oauth (~> 0.5.6)
      twitter (~> 6.2.0)

GEM
  remote: https://rubygems.org/
  specs:
    addressable (2.8.6)
      public_suffix (>= 2.0.2, < 6.0)
    buftok (0.2.0)
    childprocess (5.0.0)
    coderay (1.1.0)
    colorize (1.1.0)
    domain_name (0.6.20240107)
    equalizer (0.0.11)
    http (3.3.0)
      addressable (~> 2.3)
      http-cookie (~> 1.0)
      http-form_data (~> 2.0)
      http_parser.rb (~> 0.6.0)
    http-cookie (1.0.5)
      domain_name (~> 0.5)
    http-form_data (2.3.0)
    http_parser.rb (0.6.0)
    launchy (3.0.0)
      addressable (~> 2.8)
      childprocess (~> 5.0)
    memoizable (0.4.2)
      thread_safe (~> 0.3, >= 0.3.1)
    method_source (0.8.2)
    mime-types (2.3)
    mini_portile2 (2.8.5)
    multipart-post (2.4.0)
    naught (1.1.0)
    nest (1.1.2)
      redis
    netrc (0.7.7)
    nokogiri (1.15.6)
      mini_portile2 (~> 2.8.2)
      racc (~> 1.4)
    oauth (0.5.14)
    pry (0.10.0)
      coderay (~> 1.1.0)
      method_source (~> 0.8.1)
      slop (~> 3.4)
    public_suffix (5.0.4)
    racc (1.7.3)
    redis (3.1.0)
    rest-client (1.7.2)
      mime-types (>= 1.16, < 3.0)
      netrc (~> 0.7)
    simple_oauth (0.3.1)
    slop (3.6.0)
    thread_safe (0.3.6)
    twitter (6.2.0)
      addressable (~> 2.3)
      buftok (~> 0.2.0)
      equalizer (~> 0.0.11)
      http (~> 3.0)
      http-form_data (~> 2.0)
      http_parser.rb (~> 0.6.0)
      memoizable (~> 0.4.0)
      multipart-post (~> 2.0)
      naught (~> 1.0)
      simple_oauth (~> 0.3.0)

PLATFORMS
  ruby

DEPENDENCIES
  chatterbot!
  nest (~> 1.1.2)
  nokogiri (~> 1.15.6)
  pry
  redis (~> 3.1.0)
  rest-client (~> 1.7.2)
